GIT
  remote: git://github.com/chef/omnibus.git
  revision: 2a597277f1a5e13901d116ef852611fe88f6b76b
  specs:
    omnibus (5.4.0)
      aws-sdk (~> 2)
      chef-sugar (~> 3.3)
      cleanroom (~> 1.0)
      ffi-yajl (~> 2.2)
      mixlib-shellout (~> 2.0)
      mixlib-versioning
      ohai (~> 8.0)
      ruby-progressbar (~> 1.7)
      thor (~> 0.18)

GEM
  remote: https://rubygems.org/
  specs:
    addressable (2.3.8)
    aws-sdk (2.3.14)
      aws-sdk-resources (= 2.3.14)
    aws-sdk-core (2.3.14)
      jmespath (~> 1.0)
    aws-sdk-resources (2.3.14)
      aws-sdk-core (= 2.3.14)
    berkshelf (3.3.0)
      addressable (~> 2.3.4)
      berkshelf-api-client (~> 1.2)
      buff-config (~> 1.0)
      buff-extensions (~> 1.0)
      buff-shell_out (~> 0.1)
      celluloid (~> 0.16.0)
      celluloid-io (~> 0.16.1)
      cleanroom (~> 1.0)
      faraday (~> 0.9.0)
      httpclient (~> 2.6.0)
      minitar (~> 0.5.4)
      octokit (~> 3.0)
      retryable (~> 2.0)
      ridley (~> 4.0)
      solve (~> 1.1)
      thor (~> 0.19)
    berkshelf-api-client (1.3.1)
      faraday (~> 0.9.1)
      httpclient (~> 2.6.0)
    buff-config (1.0.1)
      buff-extensions (~> 1.0)
      varia_model (~> 0.4)
    buff-extensions (1.0.0)
    buff-ignore (1.1.1)
    buff-ruby_engine (0.1.0)
    buff-shell_out (0.2.0)
      buff-ruby_engine (~> 0.1.0)
    builder (3.2.2)
    celluloid (0.16.0)
      timers (~> 4.0.0)
    celluloid-io (0.16.2)
      celluloid (>= 0.16.0)
      nio4r (>= 1.1.0)
    chef-config (12.11.18)
      fuzzyurl (~> 0.8.0)
      mixlib-config (~> 2.0)
      mixlib-shellout (~> 2.0)
    chef-sugar (3.3.0)
    cleanroom (1.0.0)
    dep-selector-libgecode (1.2.0)
    dep_selector (1.0.3)
      dep-selector-libgecode (~> 1.0)
      ffi (~> 1.9)
    erubis (2.7.0)
    faraday (0.9.2)
      multipart-post (>= 1.2, < 3)
    ffi (1.9.10)
    ffi-yajl (2.2.3)
      libyajl2 (~> 1.2)
    fuzzyurl (0.8.0)
    gssapi (1.2.0)
      ffi (>= 1.0.1)
    gyoku (1.3.1)
      builder (>= 2.1.2)
    hashie (3.4.4)
    hitimes (1.2.4)
    httpclient (2.6.0.1)
    ipaddress (0.8.3)
    jmespath (1.2.4)
      json_pure (>= 1.8.1)
    json (1.8.3)
    json_pure (1.8.3)
    kitchen-vagrant (0.19.0)
      test-kitchen (~> 1.4)
    libyajl2 (1.2.0)
    little-plugger (1.1.4)
    logging (2.1.0)
      little-plugger (~> 1.1)
      multi_json (~> 1.10)
    minitar (0.5.4)
    mixlib-authentication (1.4.1)
      mixlib-log
    mixlib-cli (1.6.0)
    mixlib-config (2.2.1)
    mixlib-log (1.6.0)
    mixlib-shellout (2.2.6)
    mixlib-versioning (1.1.0)
    multi_json (1.12.1)
    multipart-post (2.0.0)
    net-scp (1.2.1)
      net-ssh (>= 2.6.5)
    net-ssh (2.9.4)
    nio4r (1.2.1)
    nori (2.6.0)
    octokit (3.8.0)
      sawyer (~> 0.6.0, >= 0.5.3)
    ohai (8.16.0)
      chef-config (>= 12.5.0.alpha.1, < 13)
      ffi (~> 1.9)
      ffi-yajl (~> 2.2)
      ipaddress
      mixlib-cli
      mixlib-config (~> 2.0)
      mixlib-log
      mixlib-shellout (~> 2.0)
      plist (~> 3.1)
      systemu (~> 2.6.4)
      wmi-lite (~> 1.0)
    plist (3.2.0)
    retryable (2.0.3)
    ridley (4.4.2)
      addressable
      buff-config (~> 1.0)
      buff-extensions (~> 1.0)
      buff-ignore (~> 1.1)
      buff-shell_out (~> 0.1)
      celluloid (~> 0.16.0)
      celluloid-io (~> 0.16.1)
      chef-config
      erubis
      faraday (~> 0.9.0)
      hashie (>= 2.0.2, < 4.0.0)
      httpclient (~> 2.6)
      json (>= 1.7.7)
      mixlib-authentication (>= 1.3.0)
      retryable (~> 2.0)
      semverse (~> 1.1)
      varia_model (~> 0.4.0)
    ruby-progressbar (1.8.1)
    rubyntlm (0.6.0)
    rubyzip (1.2.0)
    safe_yaml (1.0.4)
    sawyer (0.6.0)
      addressable (~> 2.3.5)
      faraday (~> 0.8, < 0.10)
    semverse (1.2.1)
    solve (1.2.1)
      dep_selector (~> 1.0)
      semverse (~> 1.1)
    systemu (2.6.5)
    test-kitchen (1.4.2)
      mixlib-shellout (>= 1.2, < 3.0)
      net-scp (~> 1.1)
      net-ssh (~> 2.7, < 2.10)
      safe_yaml (~> 1.0)
      thor (~> 0.18)
    thor (0.19.1)
    timers (4.0.4)
      hitimes
    varia_model (0.4.1)
      buff-extensions (~> 1.0)
      hashie (>= 2.0.2, < 4.0.0)
    winrm (1.8.1)
      builder (>= 2.1.2)
      gssapi (~> 1.2)
      gyoku (~> 1.0)
      httpclient (~> 2.2, >= 2.2.0.2)
      logging (>= 1.6.1, < 3.0)
      nori (~> 2.0)
      rubyntlm (~> 0.6.0)
    winrm-transport (1.0.3)
      rubyzip (~> 1.1, >= 1.1.7)
      winrm (~> 1.3)
    wmi-lite (1.0.0)

PLATFORMS
  ruby

DEPENDENCIES
  berkshelf (~> 3.0)
  kitchen-vagrant (~> 0.19.0)
  omnibus!
  test-kitchen (~> 1.4.0)
  winrm-transport (~> 1.0)

BUNDLED WITH
   1.12.5
